GEM
  remote: https://rubygems.org/
  specs:
    colorize (0.7.7)
    pdf-core (0.6.1)
    prawn (2.1.0)
      pdf-core (~> 0.6.1)
      ttfunk (~> 1.4.0)
    ttfunk (1.4.0)

PLATFORMS
  ruby

DEPENDENCIES
  colorize
  prawn

BUNDLED WITH
   1.11.2
